GEM
  remote: https://rubygems.org/
  specs:
    activemodel (5.2.4.5)
      activesupport (= 5.2.4.5)
    activesupport (5.2.4.5)
      concurrent-ruby (~> 1.0, >= 1.0.2)
      i18n (>= 0.7, < 2)
      minitest (~> 5.1)
      tzinfo (~> 1.1)
    concurrent-ruby (1.1.8)
    faraday (1.3.0)
      faraday-net_http (~> 1.0)
      multipart-post (>= 1.2, < 3)
      ruby2_keywords
    faraday-net_http (1.0.1)
    i18n (1.8.8)
      concurrent-ruby (~> 1.0)
    jwt (2.2.2)
    mini_portile2 (2.4.0)
    minitest (5.14.3)
    multi_json (1.15.0)
    multi_xml (0.6.0)
    multipart-post (2.1.1)
    nokogiri (1.10.10)
      mini_portile2 (~> 2.4.0)
    oauth2 (1.4.4)
      faraday (>= 0.8, < 2.0)
      jwt (>= 1.0, < 3.0)
      multi_json (~> 1.3)
      multi_xml (~> 0.5)
      rack (>= 1.2, < 3)
    quickbooks-ruby (1.0.15)
      activemodel (> 4.0)
      multipart-post
      nokogiri
      oauth2 (~> 1.4)
      roxml (~> 4.0)
    quickbooks-ruby-base (2.1.0)
      oauth2 (~> 1.4)
      quickbooks-ruby (>= 1.0.3)
    rack (2.2.3)
    roxml (4.1.1)
      activesupport (>= 4.0)
      nokogiri (>= 1.3.3)
    ruby2_keywords (0.0.4)
    thread_safe (0.3.6)
    tzinfo (1.2.9)
      thread_safe (~> 0.1)

PLATFORMS
  ruby

DEPENDENCIES
  quickbooks-ruby-base

BUNDLED WITH
   2.2.9
